GIT
  remote: git://github.com/mumuki/mumukit-bridge.git
  revision: c0a0c546e0401e3260b7d85b768b0d02016b3036
  branch: master
  specs:
    mumukit-bridge (0.4.0)
      activesupport
      rest-client

GIT
  remote: git://github.com/mumuki/mumukit.git
  revision: c56dac925a68af28a1b98a245b7eb0be617bacab
  tag: v0.9.0
  specs:
    mumukit (0.9.0)
      activesupport
      docker-api (~> 1.22.2)
      i18n (~> 0.7)
      sinatra (~> 1.4)
      thin

GEM
  remote: https://rubygems.org/
  specs:
    activesupport (4.2.5)
      i18n (~> 0.7)
      json (~> 1.7, >= 1.7.7)
      minitest (~> 5.1)
      thread_safe (~> 0.3, >= 0.3.4)
      tzinfo (~> 1.1)
    codeclimate-test-reporter (0.4.8)
      simplecov (>= 0.7.1, < 1.0.0)
    daemons (1.2.3)
    diff-lcs (1.2.5)
    docile (1.1.5)
    docker-api (1.22.4)
      excon (>= 0.38.0)
      json
    domain_name (0.5.25)
      unf (>= 0.0.5, < 1.0.0)
    eventmachine (1.0.8)
    excon (0.45.4)
    http-cookie (1.0.2)
      domain_name (~> 0.5)
    i18n (0.7.0)
    json (1.8.3)
    mime-types (2.99)
    minitest (5.8.3)
    netrc (0.11.0)
    rack (1.6.4)
    rack-protection (1.5.3)
      rack
    rake (10.4.2)
    rest-client (1.8.0)
      http-cookie (>= 1.0.2, < 2.0)
      mime-types (>= 1.16, < 3.0)
      netrc (~> 0.7)
    rspec (2.13.0)
      rspec-core (~> 2.13.0)
      rspec-expectations (~> 2.13.0)
      rspec-mocks (~> 2.13.0)
    rspec-core (2.13.1)
    rspec-expectations (2.13.0)
      diff-lcs (>= 1.1.3, < 2.0)
    rspec-mocks (2.13.1)
    simplecov (0.11.1)
      docile (~> 1.1.0)
      json (~> 1.8)
      simplecov-html (~> 0.10.0)
    simplecov-html (0.10.0)
    sinatra (1.4.6)
      rack (~> 1.4)
      rack-protection (~> 1.4)
      tilt (>= 1.3, < 3)
    thin (1.6.4)
      daemons (~> 1.0, >= 1.0.9)
      eventmachine (~> 1.0, >= 1.0.4)
      rack (~> 1.0)
    thread_safe (0.3.5)
    tilt (2.0.2)
    tzinfo (1.2.2)
      thread_safe (~> 0.1)
    unf (0.1.4)
      unf_ext
    unf_ext (0.0.7.1)

PLATFORMS
  ruby

DEPENDENCIES
  activesupport
  codeclimate-test-reporter
  mumukit!
  mumukit-bridge!
  rake
  rspec (= 2.13)

BUNDLED WITH
   1.10.6
